GEM
  remote: https://rubygems.org/
  specs:
    diff-lcs (1.4.4)
    docker-api (2.2.0)
      excon (>= 0.47.0)
      multi_json
    excon (0.90.0)
    multi_json (1.15.0)
    net-scp (3.0.0)
      net-ssh (>= 2.6.5, < 7.0.0)
    net-ssh (6.1.0)
    net-telnet (0.1.1)
    rspec (3.9.0)
      rspec-core (~> 3.9.0)
      rspec-expectations (~> 3.9.0)
      rspec-mocks (~> 3.9.0)
    rspec-core (3.9.2)
      rspec-support (~> 3.9.3)
    rspec-expectations (3.9.2)
      diff-lcs (>= 1.2.0, < 2.0)
      rspec-support (~> 3.9.0)
    rspec-its (1.3.0)
      rspec-core (>= 3.0.0)
      rspec-expectations (>= 3.0.0)
    rspec-mocks (3.9.1)
      diff-lcs (>= 1.2.0, < 2.0)
      rspec-support (~> 3.9.0)
    rspec-support (3.9.3)
    rspec-wait (0.0.9)
      rspec (>= 3, < 4)
    serverspec (2.41.5)
      multi_json
      rspec (~> 3.0)
      rspec-its
      specinfra (~> 2.72)
    sfl (2.3)
    specinfra (2.82.18)
      net-scp
      net-ssh (>= 2.7)
      net-telnet (= 0.1.1)
      sfl

PLATFORMS
  ruby

DEPENDENCIES
  docker-api
  rspec
  rspec-wait
  serverspec

BUNDLED WITH
   2.3.3
